GEM
  remote: https://rubygems.org/
  specs:
    rake (11.3.0)
    sass (3.4.22)
    scss_lint (0.50.2)
      rake (>= 0.9, < 12)
      sass (~> 3.4.20)
    win32-api (1.4.8)
    win32-api (1.4.8-x86-mingw32)
    win32console (1.3.2)
    win32console (1.3.2-x86-mingw32)
    windows-api (0.4.4)
      win32-api (>= 1.4.5)
    windows-pr (1.2.5)
      win32-api (>= 1.4.5)
      windows-api (>= 0.4.0)

PLATFORMS
  ruby
  x64-mingw32
  x86-mingw32

DEPENDENCIES
  sass (~> 3.x)
  scss_lint (~> 0.x)
  win32console
  windows-pr

BUNDLED WITH
   1.13.7
